GEM
  remote: http://rubygems.org/
  specs:
    actionmailer (2.3.8)
      actionpack (= 2.3.8)
    actionpack (2.3.8)
      activesupport (= 2.3.8)
      rack (~> 1.1.0)
    activerecord (2.3.8)
      activesupport (= 2.3.8)
    activeresource (2.3.8)
      activesupport (= 2.3.8)
    activesupport (2.3.8)
    ar-extensions (0.9.3)
      activerecord (~> 2.1)
    authlogic (2.1.6)
      activesupport
    cgi_multipart_eof_fix (2.5.0)
    daemons (1.1.0)
    diff-lcs (1.1.2)
    fastthread (1.0.7)
    gem_plugin (0.2.3)
    linecache (0.43)
    mime-types (1.16)
    mongrel (1.1.5)
      cgi_multipart_eof_fix (>= 2.4)
      daemons (>= 1.0.3)
      fastthread (>= 1.0.1)
      gem_plugin (>= 0.2.3)
    paperclip (2.3.8)
      activerecord
      activesupport
    rack (1.1.0)
    rails (2.3.8)
      actionmailer (= 2.3.8)
      actionpack (= 2.3.8)
      activerecord (= 2.3.8)
      activeresource (= 2.3.8)
      activesupport (= 2.3.8)
      rake (>= 0.8.3)
    rake (0.8.7)
    rcov (0.9.9)
    rdoc (2.5.11)
    rspec (2.1.0)
      rspec-core (~> 2.1.0)
      rspec-expectations (~> 2.1.0)
      rspec-mocks (~> 2.1.0)
    rspec-core (2.1.0)
    rspec-expectations (2.1.0)
      diff-lcs (~> 1.1.2)
    rspec-mocks (2.1.0)
    rspec-rails (2.1.0)
      rspec (~> 2.1.0)
    ruby-debug-base (0.10.4)
      linecache (>= 0.3)
    ruby-debug-ide (0.4.16)
      rake (>= 0.8.1)
    sqlite3-ruby (1.3.2)
    will_paginate (2.3.15)

PLATFORMS
  ruby

DEPENDENCIES
  ar-extensions
  authlogic
  bundler
  mime-types
  mongrel
  paperclip
  rails (= 2.3.8)
  rake
  rcov
  rdoc (>= 2.5.11)
  rspec
  rspec-rails
  ruby-debug-base
  ruby-debug-ide
  sqlite3-ruby
  will_paginate (~> 2.3.11)
